PATH
  remote: .
  specs:
    vagrant-aws-alb-target-group (0.1.0)
      aws-sdk (~> 2.6.44)

GEM
  remote: https://rubygems.org/
  specs:
    aws-sdk (2.6.50)
      aws-sdk-resources (= 2.6.50)
    aws-sdk-core (2.6.50)
      aws-sigv4 (~> 1.0)
      jmespath (~> 1.0)
    aws-sdk-resources (2.6.50)
      aws-sdk-core (= 2.6.50)
    aws-sigv4 (1.0.3)
    jmespath (1.4.0)
    rake (10.5.0)

PLATFORMS
  ruby

DEPENDENCIES
  bundler (~> 1.16)
  rake (~> 10.0)
  vagrant-aws-alb-target-group!

BUNDLED WITH
   1.16.0
